GEM
  remote: https://rubygems.org/
  specs:
    byebug (10.0.2)
    coderay (1.1.2)
    faraday (0.15.3)
      multipart-post (>= 1.2, < 3)
    method_source (0.9.0)
    multipart-post (2.0.0)
    pry (0.11.3)
      coderay (~> 1.1.0)
      method_source (~> 0.9.0)
    pry-byebug (3.6.0)
      byebug (~> 10.0)
      pry (~> 0.10)
    terminal-table (1.8.0)
      unicode-display_width (~> 1.1, >= 1.1.1)
    thor (0.20.0)
    unicode-display_width (1.4.0)

PLATFORMS
  ruby

DEPENDENCIES
  faraday
  pry-byebug
  terminal-table
  thor

BUNDLED WITH
   1.16.5
