PATH
  remote: .
  specs:
    Ha (0.2.0)
      faraday (~> 0)
      thor (~> 0)

GEM
  remote: https://rubygems.org/
  specs:
    byebug (10.0.2)
    coderay (1.1.2)
    faraday (0.15.3)
      multipart-post (>= 1.2, < 3)
    method_source (0.9.0)
    minitest (5.11.3)
    multipart-post (2.0.0)
    pry (0.11.3)
      coderay (~> 1.1.0)
      method_source (~> 0.9.0)
    pry-byebug (3.6.0)
      byebug (~> 10.0)
      pry (~> 0.10)
    rake (0.9.6)
    ruby-debug-ide (0.6.1)
      rake (>= 0.8.1)
    thor (0.20.0)

PLATFORMS
  ruby

DEPENDENCIES
  Ha!
  minitest
  pry-byebug
  rake (~> 0)
  ruby-debug-ide (~> 0)

BUNDLED WITH
   1.16.5
