GEM
  remote: https://rubygems.org/
  specs:
    byebug (10.0.2)
    thor (0.20.0)

PLATFORMS
  ruby

DEPENDENCIES
  byebug
  thor

BUNDLED WITH
   1.16.5
